PATH
  remote: .
  specs:
    gemspec_sample (0.1.0)

GEM
  remote: https://rubygems.org/
  specs:

PLATFORMS
  ruby

DEPENDENCIES
  bundler (~> 1.16)
  gemspec_sample!

BUNDLED WITH
   1.16.0
